GEM
  remote: https://rubygems.org/
  specs:
    epoll (0.3.0)
    rpi_gpio (0.5.0)
      epoll (~> 0.3)
    vlc-client (0.0.7)

PLATFORMS
  ruby

DEPENDENCIES
  rpi_gpio
  vlc-client

BUNDLED WITH
   1.17.3
